GEM
  remote: https://rubygems.org/
  specs:
    rack (2.0.8)

PLATFORMS
  ruby

DEPENDENCIES
  rack

RUBY VERSION
   ruby 2.7.0p-1

BUNDLED WITH
   2.1.0.pre.1
